GEM
  remote: http://rubygems.org/
  specs:
    amqp (0.6.7)
      eventmachine (>= 0.12.4)
    em-spec (0.2.1)
    eventmachine (0.12.10)
    rake (0.8.7)
    rspec (1.3.0)
    ruby-smpp (0.3.0)
      eventmachine (>= 0.10.0)

PLATFORMS
  ruby

DEPENDENCIES
  amqp
  em-spec
  eventmachine
  rake
  rspec
  ruby-smpp
